GEM
  remote: https://rubygems.org/
  specs:
    byebug (9.0.6)
    childprocess (0.7.1)
      ffi (~> 1.0, >= 1.0.11)
    coderay (1.1.1)
    connection_pool (2.2.1)
    data_magic (1.1)
      faker (>= 1.1.2)
      yml_reader (>= 0.6)
    faker (1.8.4)
      i18n (~> 0.5)
    ffi (1.9.18-x64-mingw32)
    i18n (0.8.6)
    method_source (0.8.2)
    mini_portile2 (2.2.0)
    net-http-persistent (3.0.0)
      connection_pool (~> 2.2)
    nokogiri (1.8.0-x64-mingw32)
      mini_portile2 (~> 2.2.0)
    page-object (2.1.1)
      net-http-persistent (~> 3.0)
      page_navigation (>= 0.9)
      selenium-webdriver (~> 3.0)
      watir (~> 6.0)
    page_navigation (0.10)
      data_magic (>= 0.22)
    pry (0.10.4)
      coderay (~> 1.1.0)
      method_source (~> 0.8.1)
      slop (~> 3.4)
    pry-byebug (3.4.3)
      byebug (>= 9.0, < 9.1)
      pry (~> 0.10)
    rubyzip (1.2.1)
    selenium-webdriver (3.5.1)
      childprocess (~> 0.5)
      rubyzip (~> 1.0)
    slop (3.6.0)
    watir (6.2.1)
      selenium-webdriver (~> 3.0)
    webdrivers (2.4.0)
      nokogiri (~> 1.6)
      rubyzip (~> 1.0)
    yml_reader (0.7)

PLATFORMS
  x64-mingw32

DEPENDENCIES
  page-object (~> 2.1.0)
  pry-byebug (~> 3.4.0)
  watir (~> 6.2.0)
  webdrivers (~> 2.3)

BUNDLED WITH
   1.15.2
